GEM
  remote: http://rubygems.org/
  specs:
    abstract (1.0.0)
    actionmailer (3.0.0)
      actionpack (= 3.0.0)
      mail (~> 2.2.5)
    actionpack (3.0.0)
      activemodel (= 3.0.0)
      activesupport (= 3.0.0)
      builder (~> 2.1.2)
      erubis (~> 2.6.6)
      i18n (~> 0.4.1)
      rack (~> 1.2.1)
      rack-mount (~> 0.6.12)
      rack-test (~> 0.5.4)
      tzinfo (~> 0.3.23)
    activemodel (3.0.0)
      activesupport (= 3.0.0)
      builder (~> 2.1.2)
      i18n (~> 0.4.1)
    activerecord (3.0.0)
      activemodel (= 3.0.0)
      activesupport (= 3.0.0)
      arel (~> 1.0.0)
      tzinfo (~> 0.3.23)
    activeresource (3.0.0)
      activemodel (= 3.0.0)
      activesupport (= 3.0.0)
    activesupport (3.0.0)
    acts-as-taggable-on (2.0.6)
    airbrake (3.0.9)
      activesupport
      builder
    arel (1.0.1)
      activesupport (~> 3.0.0)
    bcrypt-ruby (3.0.1)
    bcrypt-ruby (3.0.1-x86-mingw32)
    builder (2.1.2)
    capistrano (2.5.19)
      highline
      net-scp (>= 1.0.0)
      net-sftp (>= 2.0.0)
      net-ssh (>= 2.0.14)
      net-ssh-gateway (>= 1.0.0)
    capybara (0.3.9)
      culerity (>= 0.2.4)
      mime-types (>= 1.16)
      nokogiri (>= 1.3.3)
      rack (>= 1.0.0)
      rack-test (>= 0.5.4)
      selenium-webdriver (>= 0.0.3)
    cgi_multipart_eof_fix (2.5.0)
    chronic (0.6.3)
    configuration (1.2.0)
    cucumber (0.8.5)
      builder (~> 2.1.2)
      diff-lcs (~> 1.1.2)
      gherkin (~> 2.1.4)
      json_pure (~> 1.4.3)
      term-ansicolor (~> 1.0.4)
    cucumber-rails (0.3.2)
      cucumber (>= 0.8.0)
    culerity (0.2.15)
    daemon_controller (0.2.6)
    daemons (1.1.0)
    database_cleaner (0.6.3)
    delayed_job (2.1.4)
      activesupport (~> 3.0)
      daemons
    devise (2.0.0.rc)
      bcrypt-ruby (~> 3.0)
      orm_adapter (~> 0.0.3)
      warden (~> 1.1)
    diff-lcs (1.1.2)
    erubis (2.6.6)
      abstract (>= 1.0.0)
    factory_girl (2.6.0)
      activesupport (>= 2.3.9)
    factory_girl_rails (1.7.0)
      factory_girl (~> 2.6.0)
      railties (>= 3.0.0)
    faraday (0.8.0)
      multipart-post (~> 1.1)
    fastthread (1.0.7)
    ffi (1.0.10)
    ffi (1.0.10-x86-mingw32)
    file-tail (1.0.5)
      spruz (>= 0.1.0)
    gem_plugin (0.2.3)
    gherkin (2.1.5)
      trollop (~> 1.16.2)
    gherkin (2.1.5-x86-mingw32)
      trollop (~> 1.16.2)
    haml (3.0.25)
    hashie (1.2.0)
    highline (1.6.1)
    httpauth (0.1)
    httpclient (2.1.6.1)
    i18n (0.4.2)
    json (1.2.2)
    json_pure (1.4.6)
    launchy (0.3.7)
      configuration (>= 0.0.5)
      rake (>= 0.8.1)
    mail (2.2.15)
      activesupport (>= 2.3.6)
      i18n (>= 0.4.0)
      mime-types (~> 1.16)
      treetop (~> 1.4.8)
    memcache-client (1.8.5)
    mime-types (1.16)
    mongrel (1.1.5)
      cgi_multipart_eof_fix (>= 2.4)
      daemons (>= 1.0.3)
      fastthread (>= 1.0.1)
      gem_plugin (>= 0.2.3)
    mongrel (1.1.5-x86-mingw32)
      cgi_multipart_eof_fix (>= 2.4)
      gem_plugin (>= 0.2.3)
    multi_json (1.3.5)
    multipart-post (1.1.3)
    mysql (2.8.1)
    mysql (2.8.1-x86-mingw32)
    net-scp (1.0.4)
      net-ssh (>= 1.99.1)
    net-sftp (2.0.5)
      net-ssh (>= 2.0.9)
    net-ssh (2.1.0)
    net-ssh-gateway (1.0.1)
      net-ssh (>= 1.99.1)
    newrelic_rpm (3.1.1)
    nokogiri (1.4.4)
    nokogiri (1.4.4-x86-mingw32)
    oauth2 (0.6.1)
      faraday (~> 0.7)
      httpauth (~> 0.1)
      multi_json (~> 1.3)
    omniauth (1.1.0)
      hashie (~> 1.2)
      rack
    omniauth-facebook (1.3.0)
      omniauth-oauth2 (~> 1.0.2)
    omniauth-oauth2 (1.0.2)
      oauth2 (~> 0.6.0)
      omniauth (~> 1.0)
    orm_adapter (0.0.7)
    paperclip (2.3.8)
      activerecord
      activesupport
    passenger (3.0.2)
      daemon_controller (>= 0.2.5)
      fastthread (>= 1.0.1)
      file-tail
      rack
      rake (>= 0.8.1)
    pickle (0.4.4)
      cucumber (>= 0.8)
      rake
      rspec (>= 1.3)
      yard
    polyglot (0.3.1)
    postmark (0.9.6)
    postmark-rails (0.4.1)
      actionmailer
      postmark (>= 0.9.0)
      rake
    rabl (0.6.13)
      activesupport (>= 2.3.14)
      multi_json (~> 1.0)
    rack (1.2.5)
    rack-mount (0.6.14)
      rack (>= 1.0.0)
    rack-test (0.5.7)
      rack (>= 1.0)
    rails (3.0.0)
      actionmailer (= 3.0.0)
      actionpack (= 3.0.0)
      activerecord (= 3.0.0)
      activeresource (= 3.0.0)
      activesupport (= 3.0.0)
      bundler (~> 1.0.0)
      railties (= 3.0.0)
    rails-i18n (0.1.2)
      activesupport (~> 3)
    railties (3.0.0)
      actionpack (= 3.0.0)
      activesupport (= 3.0.0)
      rake (>= 0.8.4)
      thor (~> 0.14.0)
    rainbow (1.1.1)
    rake (0.9.2.2)
    recaptcha (0.3.1)
    rest-client (1.6.1)
      mime-types (>= 1.16)
    riddle (1.2.2)
    rspec (2.0.0.beta.19)
      rspec-core (= 2.0.0.beta.19)
      rspec-expectations (= 2.0.0.beta.19)
      rspec-mocks (= 2.0.0.beta.19)
    rspec-core (2.0.0.beta.19)
    rspec-expectations (2.0.0.beta.19)
      diff-lcs (>= 1.1.2)
    rspec-mocks (2.0.0.beta.19)
    rspec-rails (2.0.0.beta.19)
      rspec (= 2.0.0.beta.19)
      webrat (>= 0.7.2.beta.1)
    ruby-ole (1.2.11.2)
    ruby-prof (0.9.2)
    rubyzip (0.9.4)
    russian (0.2.7)
    sass (3.1.3)
    selenium-webdriver (0.0.28)
      ffi (>= 0.6.1)
      json_pure
      rubyzip
    sinatra (1.2.6)
      rack (~> 1.1)
      tilt (< 2.0, >= 1.2.2)
    spreadsheet (0.6.8)
      ruby-ole (>= 1.0)
    spruz (0.2.5)
    term-ansicolor (1.0.5)
    thinking-sphinx (2.0.0)
      activerecord (>= 3.0.0)
      riddle (>= 1.2.0)
    thor (0.14.6)
    tilt (1.3.2)
    treetop (1.4.9)
      polyglot (>= 0.3.1)
    trollop (1.16.2)
    tzinfo (0.3.31)
    warden (1.1.1)
      rack (>= 1.0)
    web_translate_it (1.7.3.1)
      multipart-post (~> 1.1.0)
      rainbow (~> 1.1.1)
      sinatra (~> 1.2.6)
      trollop (~> 1.16.2)
    webrat (0.7.3)
      nokogiri (>= 1.2.0)
      rack (>= 1.0)
      rack-test (>= 0.5.3)
    whenever (0.7.0)
      activesupport (>= 2.3.4)
      chronic (~> 0.6.3)
    will_paginate (3.0.3)
    win32-api (1.4.8-x86-mingw32)
    win32-process (0.6.5)
      windows-pr (>= 1.1.2)
    win32console (1.3.0-x86-mingw32)
    windows-api (0.4.0)
      win32-api (>= 1.4.5)
    windows-pr (1.1.3)
      win32-api (>= 1.4.5)
      windows-api (>= 0.3.0)
    yard (0.6.4)

PLATFORMS
  ruby
  x86-mingw32

DEPENDENCIES
  acts-as-taggable-on
  airbrake
  capistrano
  capybara (= 0.3.9)
  cucumber (= 0.8.5)
  cucumber-rails
  database_cleaner
  delayed_job
  devise (= 2.0.0.rc)
  factory_girl_rails
  haml
  httpclient
  json
  launchy
  memcache-client (>= 1.8.5)
  mongrel
  mysql (= 2.8.1)
  newrelic_rpm
  omniauth-facebook
  paperclip
  passenger
  pickle
  postmark-rails
  rabl
  rails (= 3.0.0)
  rails-i18n
  recaptcha
  rest-client (>= 1.6.0)
  rspec-rails (= 2.0.0.beta.19)
  ruby-prof
  russian
  sass
  selenium-webdriver (= 0.0.28)
  spreadsheet
  thinking-sphinx (= 2.0.0)
  web_translate_it (<= 1.7.4.5)
  whenever
  will_paginate (~> 3.0)
  win32-process
  win32console
