GEM
  remote: http://rubygems.org/
  specs:
    abstract (1.0.0)
    actionmailer (3.0.17)
      actionpack (= 3.0.17)
      mail (~> 2.2.19)
    actionpack (3.0.17)
      activemodel (= 3.0.17)
      activesupport (= 3.0.17)
      builder (~> 2.1.2)
      erubis (~> 2.6.6)
      i18n (~> 0.5.0)
      rack (~> 1.2.5)
      rack-mount (~> 0.6.14)
      rack-test (~> 0.5.7)
      tzinfo (~> 0.3.23)
    activemodel (3.0.17)
      activesupport (= 3.0.17)
      builder (~> 2.1.2)
      i18n (~> 0.5.0)
    activerecord (3.0.17)
      activemodel (= 3.0.17)
      activesupport (= 3.0.17)
      arel (~> 2.0.10)
      tzinfo (~> 0.3.23)
    activeresource (3.0.17)
      activemodel (= 3.0.17)
      activesupport (= 3.0.17)
    activesupport (3.0.17)
    acts-as-taggable-on (2.3.3)
      rails (~> 3.0)
    addressable (2.3.2)
    airbrake (3.1.3)
      activesupport
      builder
      girl_friday
    arel (2.0.10)
    bcrypt-ruby (3.0.1)
    bcrypt-ruby (3.0.1-x86-mingw32)
    builder (2.1.2)
    capistrano (2.13.3)
      highline
      net-scp (>= 1.0.0)
      net-sftp (>= 2.0.0)
      net-ssh (>= 2.0.14)
      net-ssh-gateway (>= 1.1.0)
    capybara (1.1.2)
      mime-types (>= 1.16)
      nokogiri (>= 1.3.3)
      rack (>= 1.0.0)
      rack-test (>= 0.5.4)
      selenium-webdriver (~> 2.0)
      xpath (~> 0.1.4)
    cgi_multipart_eof_fix (2.5.0)
    childprocess (0.3.5)
      ffi (~> 1.0, >= 1.0.6)
    chronic (0.6.7)
    cocaine (0.3.0)
    connection_pool (0.9.2)
    cucumber (1.2.1)
      builder (>= 2.1.2)
      diff-lcs (>= 1.1.3)
      gherkin (~> 2.11.0)
      json (>= 1.4.6)
    cucumber-rails (1.3.0)
      capybara (>= 1.1.2)
      cucumber (>= 1.1.8)
      nokogiri (>= 1.5.0)
    daemon_controller (1.0.0)
    daemons (1.1.9)
    database_cleaner (0.8.0)
    delayed_job (3.0.3)
      activesupport (~> 3.0)
    delayed_job_active_record (0.3.2)
      activerecord (> 2.1.0)
      delayed_job (~> 3.0.0)
    devise (2.0.0.rc)
      bcrypt-ruby (~> 3.0)
      orm_adapter (~> 0.0.3)
      warden (~> 1.1)
    diff-lcs (1.1.3)
    erubis (2.6.6)
      abstract (>= 1.0.0)
    factory_girl (2.6.4)
      activesupport (>= 2.3.9)
    factory_girl_rails (1.7.0)
      factory_girl (~> 2.6.0)
      railties (>= 3.0.0)
    faraday (0.8.4)
      multipart-post (~> 1.1)
    fastthread (1.0.7)
    ffi (1.1.5)
    ffi (1.1.5-x86-mingw32)
    gem_plugin (0.2.3)
    gherkin (2.11.2)
      json (>= 1.4.6)
    gherkin (2.11.2-x86-mingw32)
      json (>= 1.4.6)
    girl_friday (0.10.0)
      connection_pool (~> 0.9.0)
    haml (3.1.7)
    hashie (1.2.0)
    highline (1.6.14)
    httpauth (0.1)
    httpclient (2.2.7)
    i18n (0.5.0)
    json (1.7.5)
    jwt (0.1.5)
      multi_json (>= 1.0)
    launchy (2.1.2)
      addressable (~> 2.3)
    libwebsocket (0.1.5)
      addressable
    mail (2.2.19)
      activesupport (>= 2.3.6)
      i18n (>= 0.4.0)
      mime-types (~> 1.16)
      treetop (~> 1.4.8)
    memcache-client (1.8.5)
    mime-types (1.19)
    mongrel (1.1.5)
      cgi_multipart_eof_fix (>= 2.4)
      daemons (>= 1.0.3)
      fastthread (>= 1.0.1)
      gem_plugin (>= 0.2.3)
    mongrel (1.1.5-x86-mingw32)
      cgi_multipart_eof_fix (>= 2.4)
      gem_plugin (>= 0.2.3)
    multi_json (1.3.6)
    multipart-post (1.1.5)
    mysql (2.8.1)
    mysql (2.8.1-x86-mingw32)
    net-scp (1.0.4)
      net-ssh (>= 1.99.1)
    net-sftp (2.0.5)
      net-ssh (>= 2.0.9)
    net-ssh (2.5.2)
    net-ssh-gateway (1.1.0)
      net-ssh (>= 1.99.1)
    newrelic_rpm (3.4.2)
    nokogiri (1.5.5)
    nokogiri (1.5.5-x86-mingw32)
    oauth2 (0.8.0)
      faraday (~> 0.8)
      httpauth (~> 0.1)
      jwt (~> 0.1.4)
      multi_json (~> 1.0)
      rack (~> 1.2)
    omniauth (1.1.1)
      hashie (~> 1.2)
      rack
    omniauth-facebook (1.4.1)
      omniauth-oauth2 (~> 1.1.0)
    omniauth-oauth2 (1.1.0)
      oauth2 (~> 0.8.0)
      omniauth (~> 1.0)
    orm_adapter (0.0.7)
    paperclip (2.7.0)
      activerecord (>= 2.3.0)
      activesupport (>= 2.3.2)
      cocaine (>= 0.0.2)
      mime-types
    passenger (3.0.17)
      daemon_controller (>= 1.0.0)
      fastthread (>= 1.0.1)
      rack
      rake (>= 0.8.1)
    pickle (0.4.11)
      cucumber (>= 0.8)
      rake
    polyglot (0.3.3)
    postmark (0.9.12)
      json
      rake
    postmark-rails (0.4.1)
      actionmailer
      postmark (>= 0.9.0)
      rake
    rabl (0.7.1)
      activesupport (>= 2.3.14)
      multi_json (~> 1.0)
    rack (1.2.5)
    rack-mount (0.6.14)
      rack (>= 1.0.0)
    rack-test (0.5.7)
      rack (>= 1.0)
    rails (3.0.17)
      actionmailer (= 3.0.17)
      actionpack (= 3.0.17)
      activerecord (= 3.0.17)
      activeresource (= 3.0.17)
      activesupport (= 3.0.17)
      bundler (~> 1.0)
      railties (= 3.0.17)
    rails-i18n (0.6.6)
      i18n (~> 0.5)
    railties (3.0.17)
      actionpack (= 3.0.17)
      activesupport (= 3.0.17)
      rake (>= 0.8.7)
      rdoc (~> 3.4)
      thor (~> 0.14.4)
    rake (0.9.2.2)
    rdoc (3.12)
      json (~> 1.4)
    recaptcha (0.3.4)
    rest-client (1.6.7)
      mime-types (>= 1.16)
    riddle (1.5.3)
    rspec (2.11.0)
      rspec-core (~> 2.11.0)
      rspec-expectations (~> 2.11.0)
      rspec-mocks (~> 2.11.0)
    rspec-core (2.11.1)
    rspec-expectations (2.11.3)
      diff-lcs (~> 1.1.3)
    rspec-mocks (2.11.2)
    rspec-rails (2.11.0)
      actionpack (>= 3.0)
      activesupport (>= 3.0)
      railties (>= 3.0)
      rspec (~> 2.11.0)
    ruby-ole (1.2.11.4)
    ruby-prof (0.11.2)
    ruby-prof (0.11.2-x86-mingw32)
    rubyzip (0.9.9)
    russian (0.6.0)
      i18n (>= 0.5.0)
    sass (3.2.1)
    selenium-webdriver (2.25.0)
      childprocess (>= 0.2.5)
      libwebsocket (~> 0.1.3)
      multi_json (~> 1.0)
      rubyzip
    spreadsheet (0.7.3)
      ruby-ole (>= 1.0)
    thinking-sphinx (2.0.13)
      activerecord (>= 3.0.3)
      builder (>= 2.1.2)
      riddle (>= 1.5.3)
    thor (0.14.6)
    treetop (1.4.10)
      polyglot
      polyglot (>= 0.3.1)
    trollop (1.16.2)
    tzinfo (0.3.33)
    warden (1.2.1)
      rack (>= 1.0)
    web_translate_it (2.0.4)
      json
      multipart-post (~> 1.1.3)
      trollop (~> 1.16.2)
    whenever (0.7.3)
      activesupport (>= 2.3.4)
      chronic (~> 0.6.3)
    will_paginate (3.0.3)
    win32-process (0.7.0)
      ffi (>= 1.0.0)
    win32console (1.3.2-x86-mingw32)
    xpath (0.1.4)
      nokogiri (~> 1.3)

PLATFORMS
  ruby
  x86-mingw32

DEPENDENCIES
  acts-as-taggable-on
  airbrake
  capistrano
  capybara
  cucumber
  cucumber-rails
  database_cleaner
  delayed_job
  delayed_job_active_record
  devise (= 2.0.0.rc)
  factory_girl_rails (~> 1.7)
  haml
  httpclient
  json
  launchy
  memcache-client (>= 1.8.5)
  mongrel
  mysql (= 2.8.1)
  newrelic_rpm
  omniauth-facebook
  paperclip (~> 2.7)
  passenger
  pickle
  postmark-rails
  rabl
  rails (= 3.0.17)
  rails-i18n
  recaptcha
  rest-client (>= 1.6.0)
  rspec-rails
  ruby-prof
  russian
  sass
  selenium-webdriver
  spreadsheet
  thinking-sphinx
  web_translate_it
  whenever
  will_paginate
  win32-process
  win32console
